GEM
  remote: https://rubygems.org/
  specs:
    addressable (2.3.5)
    chatterbot (0.6.5)
      launchy (>= 2.1.2)
      oauth
      twitter (>= 4.4.0)
    diff-lcs (1.2.4)
    faraday (0.8.7)
      multipart-post (~> 1.1)
    launchy (2.3.0)
      addressable (~> 2.3)
    multi_json (1.7.7)
    multipart-post (1.2.0)
    oauth (0.4.7)
    rspec (2.14.1)
      rspec-core (~> 2.14.0)
      rspec-expectations (~> 2.14.0)
      rspec-mocks (~> 2.14.0)
    rspec-core (2.14.3)
    rspec-expectations (2.14.0)
      diff-lcs (>= 1.1.3, < 2.0)
    rspec-mocks (2.14.1)
    simple_oauth (0.2.0)
    twitter (4.8.1)
      faraday (~> 0.8, < 0.10)
      multi_json (~> 1.0)
      simple_oauth (~> 0.2)

PLATFORMS
  ruby

DEPENDENCIES
  chatterbot
  rspec
